GIT
  remote: https://github.com/livingsocial/rake-pipeline.git
  revision: f71caeb1406dafd6af5ab8453db8c5ac53947c92
  specs:
    rake-pipeline (0.6.0)
      rake (~> 0.9.0)
      thor

GIT
  remote: https://github.com/wycats/rake-pipeline-web-filters.git
  revision: 8719a4e4a9aa21cd723b5121bd3ec54d87997018
  specs:
    rake-pipeline-web-filters (0.6.0)
      rack
      rake-pipeline (~> 0.6)

GEM
  remote: http://rubygems.org/
  specs:
    addressable (2.2.7)
    chunky_png (1.2.5)
    coffee-script (2.2.0)
      coffee-script-source
      execjs
    coffee-script-source (1.2.0)
    compass (0.11.7)
      chunky_png (~> 1.2)
      fssm (>= 0.2.7)
      sass (~> 3.1)
    confparser (0.0.2.1)
    cookiejar (0.3.0)
    daemons (1.1.8)
    em-http-request (1.0.1)
      addressable (>= 2.2.3)
      cookiejar
      em-socksify
      eventmachine (>= 1.0.0.beta.4)
      http_parser.rb (>= 0.5.3)
    em-socksify (0.1.0)
      eventmachine
    erubis (2.7.0)
    eventmachine (1.0.0.beta.4)
    execjs (1.2.13)
      multi_json (~> 1.0)
    extlib (0.9.15)
    faster_xml_simple (0.5.0)
      libxml-ruby (>= 0.3.8.4)
    fssm (0.2.8.1)
    github-upload (0.0.2)
      confparser
      net-github-upload (>= 0.0.6)
    haml (3.1.4)
    http_parser.rb (0.5.3)
    httpclient (2.2.4)
    json (1.6.5)
    json_pure (1.4.6)
    libxml-ruby (2.2.2)
    multi_json (1.1.0)
    net-github-upload (0.0.8)
      faster_xml_simple
      httpclient
      json
      nokogiri (>= 1.4.0)
    nokogiri (1.5.0)
    rack (1.4.1)
    rake (0.9.2.2)
    sass (3.1.15)
    sproutcore (1.6.0.1)
      compass (~> 0.11.1)
      em-http-request (~> 1.0.0.beta)
      erubis (~> 2.6)
      extlib (~> 0.9.15)
      haml (~> 3.1.1)
      json_pure (~> 1.4.6)
      rack (~> 1.2)
      thin (~> 1.2.11)
      thor (~> 0.14.3)
    thin (1.2.11)
      daemons (>= 1.0.9)
      eventmachine (>= 0.12.6)
      rack (>= 1.0.0)
    thor (0.14.6)
    uglifier (1.0.4)
      execjs (>= 0.3.0)
      multi_json (>= 1.0.2)

PLATFORMS
  ruby

DEPENDENCIES
  coffee-script
  execjs (~> 1.2.6)
  github-upload
  rack
  rake-pipeline!
  rake-pipeline-web-filters!
  sproutcore
  uglifier (~> 1.0.3)
